PATH
  remote: .
  specs:
    mj (1.1.0)
      colorize
      koine-rest_client
      mj-hash_utils
      ruby-openai (~> 6.2.0)
      thor (~> 1.2.1)
      uri (~> 0.13.0)

GEM
  remote: https://rubygems.org/
  specs:
    addressable (2.8.7)
      public_suffix (>= 2.0.2, < 7.0)
    ast (2.4.2)
    awesome_print (1.9.2)
    bigdecimal (3.1.8)
    coderay (1.1.3)
    colorize (1.1.0)
    csv (3.3.0)
    diff-lcs (1.5.1)
    docile (1.4.1)
    event_stream_parser (0.3.0)
    faraday (2.10.1)
      faraday-net_http (>= 2.0, < 3.2)
      logger
    faraday-multipart (1.0.4)
      multipart-post (~> 2)
    faraday-net_http (3.1.1)
      net-http
    httparty (0.22.0)
      csv
      mini_mime (>= 1.0.0)
      multi_xml (>= 0.5.2)
    json (2.7.2)
    koine-rest_client (1.1.1)
      addressable (>= 2.3)
      httparty (>= 0.17.0)
    koine-test_runner (0.4.0)
    language_server-protocol (3.17.0.3)
    logger (1.6.0)
    method_source (1.1.0)
    mini_mime (1.1.5)
    mj-hash_utils (0.1.0)
    multi_xml (0.7.1)
      bigdecimal (~> 3.1)
    multipart-post (2.4.1)
    net-http (0.4.1)
      uri
    parallel (1.26.1)
    parser (3.3.4.2)
      ast (~> 2.4.1)
      racc
    pry (0.14.2)
      coderay (~> 1.1)
      method_source (~> 1.0)
    public_suffix (6.0.1)
    racc (1.8.1)
    rainbow (3.1.1)
    rake (13.2.1)
    regexp_parser (2.9.2)
    rexml (3.3.4)
      strscan
    rspec (3.13.0)
      rspec-core (~> 3.13.0)
      rspec-expectations (~> 3.13.0)
      rspec-mocks (~> 3.13.0)
    rspec-core (3.13.0)
      rspec-support (~> 3.13.0)
    rspec-expectations (3.13.1)
      diff-lcs (>= 1.2.0, < 2.0)
      rspec-support (~> 3.13.0)
    rspec-mocks (3.13.1)
      diff-lcs (>= 1.2.0, < 2.0)
      rspec-support (~> 3.13.0)
    rspec-support (3.13.1)
    rubocop (1.65.1)
      json (~> 2.3)
      language_server-protocol (>= 3.17.0)
      parallel (~> 1.10)
      parser (>= 3.3.0.2)
      rainbow (>= 2.2.2, < 4.0)
      regexp_parser (>= 2.4, < 3.0)
      rexml (>= 3.2.5, < 4.0)
      rubocop-ast (>= 1.31.1, < 2.0)
      ruby-progressbar (~> 1.7)
      unicode-display_width (>= 2.4.0, < 3.0)
    rubocop-ast (1.32.0)
      parser (>= 3.3.1.0)
    rubocop-performance (1.21.1)
      rubocop (>= 1.48.1, < 2.0)
      rubocop-ast (>= 1.31.1, < 2.0)
    rubocop-rake (0.6.0)
      rubocop (~> 1.0)
    rubocop-rspec (3.0.4)
      rubocop (~> 1.61)
    ruby-openai (6.2.0)
      event_stream_parser (>= 0.3.0, < 1.0.0)
      faraday (>= 1)
      faraday-multipart (>= 1)
    ruby-progressbar (1.13.0)
    simplecov (0.22.0)
      docile (~> 1.1)
      simplecov-html (~> 0.11)
      simplecov_json_formatter (~> 0.1)
    simplecov-html (0.12.3)
    simplecov-lcov (0.8.0)
    simplecov_json_formatter (0.1.4)
    strscan (3.1.0)
    thor (1.2.2)
    unicode-display_width (2.5.0)
    uri (0.13.1)

PLATFORMS
  arm64-darwin-23
  ruby

DEPENDENCIES
  awesome_print
  koine-test_runner
  mj!
  pry
  rake (~> 13.0)
  rspec (~> 3.0)
  rubocop (~> 1.21)
  rubocop-performance
  rubocop-rake
  rubocop-rspec
  simplecov
  simplecov-lcov
  uri (~> 0.13)

BUNDLED WITH
   2.5.17
